GEM
  remote: http://rubygems.org/
  specs:
    activesupport (3.2.7)
      i18n (~> 0.6)
      multi_json (~> 1.0)
    addressable (2.3.2)
    bubble-wrap (1.1.2)
    cocoapods (0.10.0)
      activesupport (~> 3.2.6)
      colored (~> 1.2)
      escape (~> 0.0.4)
      faraday (~> 0.8.1)
      json (~> 1.7.3)
      octokit (~> 1.7.0)
      open4 (~> 1.3.0)
      rake (~> 0.9.0)
      xcodeproj (>= 0.3.0)
    colored (1.2)
    concurrent-ruby (1.1.5)
    escape (0.0.4)
    faraday (0.8.1)
      multipart-post (~> 1.1)
    faraday_middleware (0.8.8)
      faraday (>= 0.7.4, < 0.9)
    hashie (1.2.0)
    i18n (0.9.5)
      concurrent-ruby (~> 1.0)
    json (1.7.4)
    motion-cocoapods (1.1.0)
      cocoapods (>= 0.9.1)
    multi_json (1.3.6)
    multipart-post (1.1.5)
    octokit (1.7.0)
      addressable (~> 2.2)
      faraday (~> 0.8)
      faraday_middleware (~> 0.8)
      hashie (~> 1.2)
      multi_json (~> 1.3)
    open4 (1.3.0)
    rake (0.9.2.2)
    xcodeproj (0.3.1)
      activesupport (~> 3.2.6)

PLATFORMS
  ruby

DEPENDENCIES
  bubble-wrap
  motion-cocoapods
  rake
